GEM
  remote: http://rubygems.org/
  specs:
    SystemTimer (1.2.3)
    activemodel (3.0.20)
      activesupport (= 3.0.20)
      builder (~> 2.1.2)
      i18n (~> 0.5.0)
    activeresource (3.0.20)
      activemodel (= 3.0.20)
      activesupport (= 3.0.20)
    activesupport (3.0.20)
    addressable (2.2.8)
    amqp (0.6.7)
      eventmachine (>= 0.12.4)
    aws-sdk (1.6.8)
      httparty (~> 0.7)
      json (~> 1.4)
      nokogiri (>= 1.4.4)
      uuidtools (~> 2.1)
    backports (3.6.8)
    builder (2.1.2)
    crack (0.1.8)
    daemons (1.2.3)
    domain_name (0.5.20160615)
      unf (>= 0.0.5, < 1.0.0)
    eventmachine (0.12.10)
    faraday (0.7.6)
      addressable (~> 2.2)
      multipart-post (~> 1.1)
      rack (~> 1.1)
    faraday_middleware (0.10.0)
      faraday (>= 0.7.4, < 0.10)
    hashie (1.2.0)
    http-cookie (1.0.2)
      domain_name (~> 0.5)
    http_parser.rb (0.5.3)
    httparty (0.7.4)
      crack (= 0.1.8)
    i18n (0.5.4)
    json (1.8.3)
    jwt (1.5.4)
    mail (2.6.4)
      mime-types (>= 1.16, < 4)
    mash (0.1.1)
    mime-types (1.25.1)
    mini_portile2 (2.1.0)
    mqtt (0.0.8)
    multi_json (1.12.1)
    multipart-post (1.2.0)
    netrc (0.11.0)
    nokogiri (1.6.8)
      mini_portile2 (~> 2.1.0)
      pkg-config (~> 1.1.7)
    oauth (0.4.4)
    pkg-config (1.1.7)
    rack (1.4.7)
    rack-test (0.6.3)
      rack (>= 1.0)
    rake (0.8.7)
    rest-client (2.0.0)
      http-cookie (>= 1.0.2, < 2.0)
      mime-types (>= 1.16, < 4.0)
      netrc (~> 0.8)
    right_aws (3.0.3)
      right_http_connection (>= 1.2.5)
    right_http_connection (1.3.0)
    ruby-hmac (0.4.0)
    simple_oauth (0.1.9)
    sinatra (1.2.9)
      backports
      rack (~> 1.1, < 1.5)
      tilt (>= 1.2.2, < 2.0)
    softlayer_messaging (1.0.2)
      rest-client
    statsd-ruby (0.3.0.github.1)
    thin (1.2.2)
      daemons (>= 1.0.9)
      eventmachine (>= 0.12.6)
      rack (>= 1.0.0)
    tilt (1.2.2)
    tinder (1.8.0.github)
      activesupport (>= 2.3, < 4)
      eventmachine (~> 0.12)
      faraday (>= 0.6, < 0.9)
      faraday_middleware (~> 0.8)
      hashie (~> 1.0)
      json (~> 1.6)
      mime-types (~> 1.16)
      multi_json (~> 1.0)
      multipart-post (~> 1.1)
      twitter-stream (~> 0.1)
    twilio-ruby (3.4.2)
      builder (>= 2.1.2)
      jwt (>= 0.1.2)
      multi_json (>= 1.0.3)
    twitter-stream (0.1.16)
      eventmachine (>= 0.12.8)
      http_parser.rb (~> 0.5.1)
      simple_oauth (~> 0.1.4)
    unf (0.1.4)
      unf_ext
    unf_ext (0.0.7.2)
    uuidtools (2.1.5)
    xml-simple (1.0.11)
    xmpp4r (0.5.6)
    xmpp4r-simple (0.8.8)
      xmpp4r (>= 0.3.2)
    yajl-ruby (1.1.0)

PLATFORMS
  ruby

DEPENDENCIES
  SystemTimer
  activeresource (~> 3.0.0)
  addressable (~> 2.2.7)
  amqp (= 0.6.7)
  aws-sdk (= 1.6.8)
  faraday (= 0.7.6)
  httparty (= 0.7.4)
  mail (~> 2.3)
  mash (~> 0.1.1)
  mime-types (~> 1.15)
  mqtt (= 0.0.8)
  oauth (= 0.4.4)
  rack-test
  rake (= 0.8.7)
  right_aws (= 3.0.3)
  right_http_connection (= 1.3.0)
  ruby-hmac (= 0.4.0)
  sinatra (~> 1.2.6)
  softlayer_messaging (~> 1.0.2)
  statsd-ruby (= 0.3.0.github.1)
  thin (= 1.2.2)
  tilt (~> 1.2.1)
  tinder (= 1.8.0.github)
  twilio-ruby (= 3.4.2)
  xml-simple (= 1.0.11)
  xmpp4r-simple (= 0.8.8)
  yajl-ruby (= 1.1.0)
